GIT
  remote: git://github.com/github/janky.git
  revision: ce1132391da38423278383004c8140aeb2a26650
  ref: ce1132391da38423278383004c8140aeb2a26650
  specs:
    janky (0.11.1)
      activerecord (~> 3.2.0)
      broach (~> 0.2)
      mustache (~> 0.11)
      rake (~> 10.0)
      replicate (~> 1.4)
      sinatra (~> 1.3)
      sinatra_auth_github (~> 1.0.0)
      yajl-ruby (~> 1.1.0)

GEM
  remote: http://rubygems.org/
  specs:
    activemodel (3.2.22.2)
      activesupport (= 3.2.22.2)
      builder (~> 3.0.0)
    activerecord (3.2.22.2)
      activemodel (= 3.2.22.2)
      activesupport (= 3.2.22.2)
      arel (~> 3.0.2)
      tzinfo (~> 0.3.29)
    activesupport (3.2.22.2)
      i18n (~> 0.6, >= 0.6.4)
      multi_json (~> 1.0)
    addressable (2.4.0)
    arel (3.0.3)
    broach (0.3.0)
      multi_json (~> 1.7)
      nap (~> 0.5)
    builder (3.0.4)
    daemons (1.2.3)
    eventmachine (1.2.0.1)
    faraday (0.9.2)
      multipart-post (>= 1.2, < 3)
    i18n (0.7.0)
    multi_json (1.12.1)
    multipart-post (2.0.0)
    mustache (0.99.8)
    mysql2 (0.3.21)
    nap (0.8.0)
    octokit (4.3.0)
      sawyer (~> 0.7.0, >= 0.5.3)
    rack (1.6.4)
    rack-protection (1.5.3)
      rack
    rake (10.5.0)
    replicate (1.5.1)
    sawyer (0.7.0)
      addressable (>= 2.3.5, < 2.5)
      faraday (~> 0.8, < 0.10)
    sinatra (1.4.7)
      rack (~> 1.5)
      rack-protection (~> 1.4)
      tilt (>= 1.3, < 3)
    sinatra_auth_github (1.0.0)
      sinatra (~> 1.0)
      warden-github (~> 1.0)
    thin (1.7.0)
      daemons (~> 1.0, >= 1.0.9)
      eventmachine (~> 1.0, >= 1.0.4)
      rack (>= 1, < 3)
    tilt (2.0.5)
    tzinfo (0.3.49)
    warden (1.2.6)
      rack (>= 1.0)
    warden-github (1.3.0)
      activesupport (> 3.0)
      octokit (> 2.1.0)
      warden (> 1.0)
    yajl-ruby (1.1.0)

PLATFORMS
  ruby

DEPENDENCIES
  janky!
  mysql2 (~> 0.3.21)
  thin

BUNDLED WITH
   1.10.6
